PATH
  remote: .
  specs:
    PrefixTree (0.0.1)

GEM
  remote: https://rubygems.org/
  specs:
    docile (1.1.3)
    multi_json (1.9.2)
    rake (10.2.2)
    simplecov (0.8.2)
      docile (~> 1.1.0)
      multi_json
      simplecov-html (~> 0.8.0)
    simplecov-html (0.8.0)
    test-unit (2.0.0.0)

PLATFORMS
  x64-mingw32

DEPENDENCIES
  PrefixTree!
  bundler (~> 1.6)
  rake
  simplecov
  test-unit
