PATH
  remote: .
  specs:
    PrefixTree (0.0.1)

GEM
  remote: https://rubygems.org/
  specs:
    docile (1.1.3)
    minitest (5.3.2)
    multi_json (1.9.2)
    rack (1.5.2)
    rack-protection (1.5.3)
      rack
    rake (10.2.2)
    simplecov (0.8.2)
      docile (~> 1.1.0)
      multi_json
      simplecov-html (~> 0.8.0)
    simplecov-html (0.8.0)
    sinatra (1.4.5)
      rack (~> 1.4)
      rack-protection (~> 1.4)
      tilt (~> 1.3, >= 1.3.4)
    tilt (1.4.1)
    zip (2.0.2)

PLATFORMS
  x64-mingw32

DEPENDENCIES
  PrefixTree!
  bundler (~> 1.6)
  minitest
  rake
  simplecov
  sinatra
  zip
